GEM
  remote: http://rubygems.org/
  specs:
    bank_statements (2.0.0)
    byebug (10.0.1)
    coderay (1.1.2)
    json (2.1.0)
    method_source (0.9.0)
    pry (0.11.3)
      coderay (~> 1.1.0)
      method_source (~> 0.9.0)
    pry-byebug (3.6.0)
      byebug (~> 10.0)
      pry (~> 0.10)
    rack (1.6.9)
    rack-protection (1.5.5)
      rack
    rb-readline (0.5.5)
    sinatra (1.4.7)
      rack (~> 1.5)
      rack-protection (~> 1.4)
      tilt (>= 1.3, < 3)
    tilt (2.0.8)

PLATFORMS
  x64-mingw32
  x86-mingw32

DEPENDENCIES
  bank_statements
  json
  pry
  pry-byebug
  rack (<= 2.0.0)
  rb-readline
  sinatra (= 1.4.7)

BUNDLED WITH
   1.15.4
