GEM
  remote: http://rubygems.org/
  specs:
    bank_statements (1.0.1)
    byebug (9.0.6)
    coderay (1.1.1)
    json (2.0.3)
    method_source (0.8.2)
    pry (0.10.4)
      coderay (~> 1.1.0)
      method_source (~> 0.8.1)
      slop (~> 3.4)
    pry-byebug (3.4.2)
      byebug (~> 9.0)
      pry (~> 0.10)
    rack (1.6.5)
    rack-protection (1.5.3)
      rack
    rb-readline (0.5.3)
    sinatra (1.4.7)
      rack (~> 1.5)
      rack-protection (~> 1.4)
      tilt (>= 1.3, < 3)
    slop (3.6.0)
    tilt (2.0.5)

PLATFORMS
  x86-mingw32

DEPENDENCIES
  bank_statements
  json
  pry
  pry-byebug
  rack (<= 2.0.0)
  rb-readline
  sinatra (= 1.4.7)

BUNDLED WITH
   1.12.5
